GEM
  remote: https://rubygems.org/
  specs:
    bcrypt-ruby (3.0.1)

PLATFORMS
  ruby

DEPENDENCIES
  bcrypt-ruby (~> 3.0.0)
